GEM
  remote: http://rubygems.org/
  specs:
    adsf (1.2.0)
      rack (>= 1.0.0)
    blankslate (3.1.2)
    builder (3.2.2)
    coderay (1.1.0)
    colored (1.2)
    cri (2.4.1)
      colored (>= 1.2)
    daemons (1.1.9)
    eventmachine (1.0.3)
    ffi (1.0.11)
    fssm (0.2.10)
    kramdown (0.13.8)
    mime-types (1.25.1)
    nanoc (3.4.3)
      cri (~> 2.2)
    nokogiri (1.4.7)
    pygments.rb (0.2.13)
      rubypython (~> 0.5.3)
    rack (1.5.2)
    rubypython (0.5.3)
      blankslate (>= 2.1.2.3)
      ffi (~> 1.0.7)
    systemu (2.6.0)
    thin (1.6.1)
      daemons (>= 1.0.9)
      eventmachine (>= 1.0.0)
      rack (>= 1.0.0)
    yajl-ruby (0.8.3)

PLATFORMS
  ruby

DEPENDENCIES
  adsf
  builder
  coderay
  fssm
  kramdown (~> 0.13.2)
  mime-types (~> 1.16)
  nanoc (~> 3.4.3)
  nokogiri (~> 1.4.4)
  pygments.rb
  systemu
  thin
  yajl-ruby (~> 0.8.2)
